GEM
  remote: http://rubygems.org/
  specs:
    rake (0.9.2.2)
    redis (2.2.2)

PLATFORMS
  ruby

DEPENDENCIES
  rake
  redis
